GEM
  remote: https://rubygems.org/
  specs:
    activemodel (7.2.2)
      activesupport (= 7.2.2)
    activerecord (7.2.2)
      activemodel (= 7.2.2)
      activesupport (= 7.2.2)
      timeout (>= 0.4.0)
    activesupport (7.2.2)
      base64
      benchmark (>= 0.3)
      bigdecimal
      concurrent-ruby (~> 1.0, >= 1.3.1)
      connection_pool (>= 2.2.5)
      drb
      i18n (>= 1.6, < 2)
      logger (>= 1.4.2)
      minitest (>= 5.1)
      securerandom (>= 0.3)
      tzinfo (~> 2.0, >= 2.0.5)
    async (2.18.0)
      console (~> 1.26)
      fiber-annotation
      io-event (~> 1.6, >= 1.6.5)
    async-container (0.18.3)
      async (~> 2.10)
    async-http (0.82.3)
      async (>= 2.10.2)
      async-pool (~> 0.9)
      io-endpoint (~> 0.14)
      io-stream (~> 0.6)
      metrics (~> 0.12)
      protocol-http (~> 0.37)
      protocol-http1 (>= 0.28.1)
      protocol-http2 (~> 0.19)
      traces (~> 0.10)
    async-http-cache (0.4.4)
      async-http (~> 0.56)
    async-pool (0.10.1)
      async (>= 1.25)
      traces
    async-service (0.12.0)
      async
      async-container (~> 0.16)
    base64 (0.2.0)
    benchmark (0.3.0)
    bigdecimal (3.1.8)
    concurrent-ruby (1.3.4)
    connection_pool (2.4.1)
    console (1.29.0)
      fiber-annotation
      fiber-local (~> 1.1)
      json
    drb (2.2.1)
    falcon (0.48.3)
      async
      async-container (~> 0.18)
      async-http (~> 0.75)
      async-http-cache (~> 0.4)
      async-service (~> 0.10)
      bundler
      localhost (~> 1.1)
      openssl (~> 3.0)
      process-metrics (~> 0.2)
      protocol-http (~> 0.31)
      protocol-rack (~> 0.7)
      samovar (~> 2.3)
    fiber-annotation (0.2.0)
    fiber-local (1.1.0)
      fiber-storage
    fiber-storage (1.0.0)
    i18n (1.14.6)
      concurrent-ruby (~> 1.0)
    io-endpoint (0.14.0)
    io-event (1.7.3)
    io-stream (0.6.0)
    json (2.8.1)
    localhost (1.3.1)
    logger (1.6.1)
    mapping (1.1.1)
    metrics (0.12.1)
    minitest (5.25.1)
    nio4r (2.7.4)
    openssl (3.2.0)
    opentelemetry-api (1.4.0)
    opentelemetry-common (0.21.0)
      opentelemetry-api (~> 1.0)
    opentelemetry-instrumentation-base (0.22.6)
      opentelemetry-api (~> 1.0)
      opentelemetry-common (~> 0.21)
      opentelemetry-registry (~> 0.1)
    opentelemetry-instrumentation-rack (0.25.0)
      opentelemetry-api (~> 1.0)
      opentelemetry-instrumentation-base (~> 0.22.1)
    opentelemetry-registry (0.3.1)
      opentelemetry-api (~> 1.1)
    process-metrics (0.3.0)
      console (~> 1.8)
      json (~> 2)
      samovar (~> 2.1)
    protocol-hpack (1.5.1)
    protocol-http (0.42.0)
    protocol-http1 (0.28.1)
      protocol-http (~> 0.22)
    protocol-http2 (0.19.4)
      protocol-hpack (~> 1.4)
      protocol-http (~> 0.18)
      traces
    protocol-rack (0.10.1)
      protocol-http (~> 0.37)
      rack (>= 1.0)
    puma (6.4.3)
      nio4r (~> 2.0)
    rack (2.2.10)
    rackup (1.0.1)
      rack (< 3)
      webrick
    samovar (2.3.0)
      console (~> 1.0)
      mapping (~> 1.0)
    securerandom (0.3.1)
    timeout (0.4.2)
    traces (0.14.1)
    trilogy (2.9.0)
    tzinfo (2.0.6)
      concurrent-ruby (~> 1.0)
    vernier (1.3.1)
    webrick (1.9.0)

PLATFORMS
  arm64-darwin-23
  ruby

DEPENDENCIES
  activerecord
  falcon
  opentelemetry-instrumentation-rack
  puma
  rack (~> 2.0)
  rackup
  trilogy
  vernier

BUNDLED WITH
   2.6.0.dev
